PATH
  remote: .
  specs:
    ae_reverse_proxy (0.1.0)
      addressable (>= 2.3.6)
      rack (~> 2.2.3)

GEM
  remote: https://rubygems.org/
  specs:
    addressable (2.7.0)
      public_suffix (>= 2.0.2, < 5.0)
    coderay (1.1.3)
    crack (0.4.5)
      rexml
    hashdiff (1.0.1)
    method_source (1.0.0)
    minitest (5.14.3)
    mocha (1.12.0)
    pry (0.13.1)
      coderay (~> 1.1)
      method_source (~> 1.0)
    public_suffix (4.0.6)
    rack (2.2.3)
    rake (13.0.3)
    rexml (3.2.4)
    webmock (3.11.1)
      addressable (>= 2.3.6)
      crack (>= 0.3.2)
      hashdiff (>= 0.4.0, < 2.0.0)

PLATFORMS
  x86_64-darwin-19

DEPENDENCIES
  ae_reverse_proxy!
  bundler (>= 1.10.4, < 3)!
  minitest (>= 5.8, < 6)!
  mocha (>= 1.11, < 2)!
  pry!
  rake (>= 13, < 14)!
  webmock (~> 3.11.1)!

BUNDLED WITH
   2.2.5
